RESTRICTION: >= net461
NUGET
  remote: https://www.nuget.org/api/v2
    Akka (1.3.8)
      Newtonsoft.Json (>= 9.0.1)
      System.Collections.Immutable (>= 1.3.1)
    Akka.Cluster (1.3.8)
      Akka.Remote (>= 1.3.8)
    Akka.Cluster.Sharding (1.3.8-beta66)
      Akka.Cluster.Tools (>= 1.3.8-beta66)
      Akka.DistributedData (>= 1.3.8-beta66)
      Akka.Persistence (>= 1.3.8-beta66)
    Akka.Cluster.Tools (1.3.8)
      Akka.Cluster (>= 1.3.8)
    Akka.DistributedData (1.3.8-beta66)
      Akka.Cluster (>= 1.3.8-beta66)
      Hyperion (>= 0.9.6)
    Akka.Persistence (1.3.8)
      Akka (>= 1.3.8)
      Google.Protobuf (>= 3.3)
    Akka.Remote (1.3.8)
      Akka (>= 1.3.8)
      DotNetty.Handlers (>= 0.4.8)
      Google.Protobuf (>= 3.3)
    Akka.Serialization.Hyperion (1.3.8-beta66)
      Akka (>= 1.3.8-beta66)
      Hyperion (>= 0.9.8)
    Akka.Streams (1.3.8)
      Akka (>= 1.3.8)
      Reactive.Streams (>= 1.0.2)
    Akkling (0.9.2)
      Akka (>= 1.3.8)
      Akka.Serialization.Hyperion (>= 1.3.8-beta66)
      FSharp.Core (>= 4.5)
    Akkling.Cluster.Sharding (0.9.2)
      Akka.Cluster.Sharding (>= 1.3.8-beta66)
      Akkling (>= 0.9.2)
      Akkling.DistributedData (>= 0.9.2)
      Akkling.Persistence (>= 0.9.2)
      FSharp.Core (>= 4.5)
      System.ValueTuple (>= 4.5)
    Akkling.DistributedData (0.9.2)
      Akka.DistributedData (>= 1.3.8-beta66)
      Akkling (>= 0.9.2)
      FSharp.Core (>= 4.5)
      System.ValueTuple (>= 4.5)
    Akkling.Persistence (0.9.2)
      Akka.Persistence (>= 1.3.8)
      Akkling (>= 0.9.2)
      Akkling.Streams (>= 0.9.2)
      FSharp.Core (>= 4.5)
      System.ValueTuple (>= 4.5)
    Akkling.Streams (0.9.2)
      Akka.Streams (>= 1.3.8)
      Akkling (>= 0.9.2)
      FSharp.Core (>= 4.5)
      System.ValueTuple (>= 4.5)
    Bogus (22.1.3)
    Deedle (1.2.5)
    Deedle.RPlugin (1.2.5)
      Deedle (>= 1.2.5)
      R.NET.Community (>= 1.6.4)
      R.NET.Community.FSharp (>= 1.6.4)
      RProvider (>= 1.1.13)
    DnsClient (1.1.1)
      System.Buffers (>= 4.4)
    DotNetty.Buffers (0.4.8)
      DotNetty.Common (>= 0.4.8)
      System.Runtime.CompilerServices.Unsafe (>= 4.4)
    DotNetty.Codecs (0.4.8)
      DotNetty.Buffers (>= 0.4.8)
      DotNetty.Common (>= 0.4.8)
      DotNetty.Transport (>= 0.4.8)
      System.Collections.Immutable (>= 1.3.1)
    DotNetty.Common (0.4.8)
      Microsoft.Extensions.Logging (>= 1.1.1)
      System.Runtime.CompilerServices.Unsafe (>= 4.4)
    DotNetty.Handlers (0.4.8)
      DotNetty.Buffers (>= 0.4.8)
      DotNetty.Codecs (>= 0.4.8)
      DotNetty.Common (>= 0.4.8)
      DotNetty.Transport (>= 0.4.8)
    DotNetty.Transport (0.4.8)
      DotNetty.Buffers (>= 0.4.8)
      DotNetty.Common (>= 0.4.8)
      System.Threading.Tasks.Extensions (>= 4.4)
    DynamicInterop (0.7.4)
    FAKE (5.1)
    FSharp.Charting (0.90.14)
    FSharp.Compiler.Service (2.0.0.6)
    FSharp.Core (4.5)
    FSharp.Data (2.3.2)
    FSharp.Formatting (2.14.4)
      FSharp.Compiler.Service (2.0.0.6)
      FSharpVSPowerTools.Core (>= 2.3 < 2.4)
    FSharpVSPowerTools.Core (2.3)
      FSharp.Compiler.Service (>= 2.0.0.3)
    FsLab (1.0.2)
      Deedle (1.2.5)
      Deedle.RPlugin (1.2.5)
      DynamicInterop (0.7.4)
      FSharp.Charting (0.90.14)
      FSharp.Data (2.3.2)
      Google.DataTable.Net.Wrapper (3.1.2)
      MathNet.Numerics (3.13.1)
      MathNet.Numerics.FSharp (3.13.1)
      Newtonsoft.Json (9.0.1)
      R.NET.Community (1.6.5)
      R.NET.Community.FSharp (1.6.5)
      RProvider (1.1.20)
      Suave (1.1.3)
      XPlot.GoogleCharts (1.4.2)
      XPlot.GoogleCharts.Deedle (1.4.2)
      XPlot.Plotly (1.4.2)
    FsLab.Runner (1.0.2)
      Deedle (1.2.5)
      Deedle.RPlugin (1.2.5)
      DynamicInterop (0.7.4)
      FSharp.Charting (0.90.14)
      FSharp.Compiler.Service (2.0.0.6)
      FSharp.Data (2.3.2)
      FSharp.Formatting (2.14.4)
      FSharpVSPowerTools.Core (2.3)
      Google.DataTable.Net.Wrapper (3.1.2)
      MathNet.Numerics (3.13.1)
      MathNet.Numerics.FSharp (3.13.1)
      Newtonsoft.Json (9.0.1)
      R.NET.Community (1.6.5)
      R.NET.Community.FSharp (1.6.5)
      RProvider (1.1.20)
      Suave (1.1.3)
      XPlot.GoogleCharts (1.4.2)
      XPlot.GoogleCharts.Deedle (1.4.2)
      XPlot.Plotly (1.4.2)
    Google.DataTable.Net.Wrapper (3.1.2)
    Google.Protobuf (3.6)
    Hopac (0.3.23)
      FSharp.Core (>= 3.1.2.5) - restriction: && (>= net461) (< netstandard1.6)
      FSharp.Core (>= 4.0.1.7-alpha) - restriction: && (>= net461) (>= netstandard1.6)
      NETStandard.Library (>= 1.6) - restriction: && (>= net461) (>= netstandard1.6)
    Hyperion (0.9.8)
    MathNet.Numerics (3.13.1)
    MathNet.Numerics.FSharp (3.13.1)
      FSharp.Core (>= 3.1.2.5)
      MathNet.Numerics (3.13.1)
    Microsoft.Extensions.Configuration (2.1.1) - restriction: && (>= net461) (>= netstandard2.0)
      Microsoft.Extensions.Configuration.Abstractions (>= 2.1.1) - restriction: && (>= net461) (>= netstandard2.0)
    Microsoft.Extensions.Configuration.Abstractions (2.1.1) - restriction: && (>= net461) (>= netstandard2.0)
      Microsoft.Extensions.Primitives (>= 2.1.1) - restriction: && (>= net461) (>= netstandard2.0)
    Microsoft.Extensions.Configuration.Binder (2.1.1) - restriction: && (>= net461) (>= netstandard2.0)
      Microsoft.Extensions.Configuration (>= 2.1.1) - restriction: && (>= net461) (>= netstandard2.0)
    Microsoft.Extensions.DependencyInjection.Abstractions (2.1.1) - restriction: && (>= net461) (>= netstandard2.0)
    Microsoft.Extensions.Logging (2.1.1)
      Microsoft.Extensions.Configuration.Binder (>= 2.1.1) - restriction: && (>= net461) (>= netstandard2.0)
      Microsoft.Extensions.DependencyInjection.Abstractions (>= 2.1.1) - restriction: && (>= net461) (>= netstandard2.0)
      Microsoft.Extensions.Logging.Abstractions (>= 2.1.1) - restriction: && (>= net461) (>= netstandard2.0)
      Microsoft.Extensions.Options (>= 2.1.1) - restriction: && (>= net461) (>= netstandard2.0)
    Microsoft.Extensions.Logging.Abstractions (2.1.1) - restriction: && (>= net461) (>= netstandard2.0)
    Microsoft.Extensions.Options (2.1.1) - restriction: && (>= net461) (>= netstandard2.0)
      Microsoft.Extensions.DependencyInjection.Abstractions (>= 2.1.1) - restriction: && (>= net461) (>= netstandard2.0)
      Microsoft.Extensions.Primitives (>= 2.1.1) - restriction: && (>= net461) (>= netstandard2.0)
    Microsoft.Extensions.Primitives (2.1.1) - restriction: && (>= net461) (>= netstandard2.0)
      System.Memory (>= 4.5.1) - restriction: && (>= net461) (>= netstandard2.0)
      System.Runtime.CompilerServices.Unsafe (>= 4.5.1) - restriction: && (>= net461) (>= netstandard2.0)
    Microsoft.NETCore.Platforms (2.1) - restriction: || (&& (< net45) (>= net461) (>= netstandard2.0)) (&& (>= net461) (>= netcoreapp2.0)) (&& (>= net461) (>= netstandard1.6))
    MongoDB.Bson (2.6.1)
    MongoDB.Driver (2.6.1)
      MongoDB.Bson (>= 2.6.1)
      MongoDB.Driver.Core (>= 2.6.1)
    MongoDB.Driver.Core (2.6.1)
      DnsClient (>= 1.0.7)
      MongoDB.Bson (>= 2.6.1)
      System.Runtime.InteropServices.RuntimeInformation (>= 4.0)
    NETStandard.Library (2.0.3) - restriction: && (>= net461) (>= netstandard1.6)
      Microsoft.NETCore.Platforms (>= 1.1)
    Newtonsoft.Json (9.0.1)
    R.NET.Community (1.6.5)
      DynamicInterop (0.7.4)
    R.NET.Community.FSharp (1.6.5)
      R.NET.Community (>= 1.6.5)
    Reactive.Streams (1.0.2)
    RProvider (1.1.20)
      DynamicInterop (0.7.4)
      R.NET.Community (1.6.5)
      R.NET.Community.FSharp (1.6.5)
    Suave (1.1.3)
      FSharp.Core (>= 3.1.2.5)
    System.Buffers (4.5)
    System.Collections.Immutable (1.5)
    System.Memory (4.5.1) - restriction: && (>= net461) (>= netstandard2.0)
      System.Buffers (>= 4.4)
      System.Numerics.Vectors (>= 4.4)
      System.Runtime.CompilerServices.Unsafe (>= 4.5)
    System.Numerics.Vectors (4.5) - restriction: && (>= net461) (>= netstandard2.0)
    System.Runtime.CompilerServices.Unsafe (4.5.1)
    System.Runtime.InteropServices.RuntimeInformation (4.3)
    System.Threading.Tasks.Extensions (4.5.1)
      System.Runtime.CompilerServices.Unsafe (>= 4.5)
    System.ValueTuple (4.5)
    XPlot.GoogleCharts (1.4.2)
      Google.DataTable.Net.Wrapper (3.1.2)
      Newtonsoft.Json (9.0.1)
    XPlot.GoogleCharts.Deedle (1.4.2)
      Deedle (1.2.5)
      XPlot.GoogleCharts (1.4.2)
    XPlot.Plotly (1.4.2)
      Newtonsoft.Json (9.0.1)

GROUP Build
NUGET
  remote: https://www.nuget.org/api/v2
    FAKE (5.1)
