RESTRICTION: >= net461
NUGET
  remote: https://www.nuget.org/api/v2
    Akka (1.3.5)
      Newtonsoft.Json (>= 9.0.1)
      System.Collections.Immutable (>= 1.3.1)
    Akka.Cluster (1.3.5)
      Akka.Remote (>= 1.3.5)
    Akka.Cluster.Sharding (1.3.5-beta60)
      Akka.Cluster.Tools (>= 1.3.5-beta60)
      Akka.DistributedData (>= 1.3.5-beta60)
      Akka.Persistence (>= 1.3.5-beta60)
    Akka.Cluster.Tools (1.3.5)
      Akka.Cluster (>= 1.3.5)
    Akka.DistributedData (1.3.5-beta60)
      Akka.Cluster (>= 1.3.5-beta60)
      Hyperion (>= 0.9.6)
    Akka.Persistence (1.3.5)
      Akka (>= 1.3.5)
      Google.Protobuf (>= 3.3)
    Akka.Remote (1.3.5)
      Akka (>= 1.3.5)
      DotNetty.Handlers (>= 0.4.6)
      Google.Protobuf (>= 3.3)
    Akka.Serialization.Hyperion (1.3.5-beta60)
      Akka (>= 1.3.5-beta60)
      Hyperion (>= 0.9.8)
    Akka.Streams (1.3.5)
      Akka (>= 1.3.5)
      Reactive.Streams (>= 1.0.2)
    Akkling (0.9.1)
      Akka (>= 1.3.5)
      Akka.Serialization.Hyperion (>= 1.3.5-beta60)
      FSharp.Core (>= 4.3.4)
    Akkling.Cluster.Sharding (0.9.1)
      Akka (>= 1.3.5)
      Akka.Cluster (>= 1.3.5)
      Akka.Cluster.Sharding (>= 1.3.5-beta60)
      Akka.Cluster.Tools (>= 1.3.5)
      Akka.Persistence (>= 1.3.5)
      Akkling (>= 0.9.1)
      Akkling.DistributedData (>= 0.9.1)
      Akkling.Persistence (>= 0.9.1)
      FSharp.Core (>= 4.3.4)
      Microsoft.Extensions.Logging (>= 1.1.1)
      Microsoft.Extensions.Logging.Abstractions (>= 1.1.1)
    Akkling.DistributedData (0.9.1)
      Akka (>= 1.3.5)
      Akka.Cluster (>= 1.3.5)
      Akka.DistributedData (>= 1.3.5-beta60)
      Akkling (>= 0.9.1)
      FSharp.Core (>= 4.3.4)
    Akkling.Persistence (0.9.1)
      Akka (>= 1.3.5)
      Akka.Persistence (>= 1.3.5)
      Akkling (>= 0.9.1)
      Akkling.Streams (>= 0.9.1)
      FSharp.Core (>= 4.3.4)
    Akkling.Streams (0.9.1)
      Akka (>= 1.3.5)
      Akka.Streams (>= 1.3.5)
      Akkling (>= 0.9.1)
      FSharp.Core (>= 4.3.4)
      Reactive.Streams (>= 1.0.2)
    Deedle (1.2.5)
    Deedle.RPlugin (1.2.5)
      Deedle (>= 1.2.5)
      R.NET.Community (>= 1.6.4)
      R.NET.Community.FSharp (>= 1.6.4)
      RProvider (>= 1.1.13)
    DotNetty.Buffers (0.4.7)
      DotNetty.Common (>= 0.4.7)
      System.Runtime.CompilerServices.Unsafe (>= 4.4)
    DotNetty.Codecs (0.4.7)
      DotNetty.Buffers (>= 0.4.7)
      DotNetty.Common (>= 0.4.7)
      DotNetty.Transport (>= 0.4.7)
    DotNetty.Common (0.4.7)
      Microsoft.Extensions.Logging (>= 1.1.1)
      System.Runtime.CompilerServices.Unsafe (>= 4.4)
    DotNetty.Handlers (0.4.7)
      DotNetty.Buffers (>= 0.4.7)
      DotNetty.Codecs (>= 0.4.7)
      DotNetty.Common (>= 0.4.7)
      DotNetty.Transport (>= 0.4.7)
    DotNetty.Transport (0.4.7)
      DotNetty.Buffers (>= 0.4.7)
      DotNetty.Common (>= 0.4.7)
    DynamicInterop (0.7.4)
    FSharp.Charting (0.90.14)
    FSharp.Core (4.3.4)
    FSharp.Data (2.3.2)
    FsLab (1.0.2)
      Deedle (1.2.5)
      Deedle.RPlugin (1.2.5)
      DynamicInterop (0.7.4)
      FSharp.Charting (0.90.14)
      FSharp.Data (2.3.2)
      Google.DataTable.Net.Wrapper (3.1.2)
      MathNet.Numerics (3.13.1)
      MathNet.Numerics.FSharp (3.13.1)
      Newtonsoft.Json (9.0.1)
      R.NET.Community (1.6.5)
      R.NET.Community.FSharp (1.6.5)
      RProvider (1.1.20)
      Suave (1.1.3)
      XPlot.GoogleCharts (1.4.2)
      XPlot.GoogleCharts.Deedle (1.4.2)
      XPlot.Plotly (1.4.2)
    Google.DataTable.Net.Wrapper (3.1.2)
    Google.Protobuf (3.5.1)
    Hopac (0.3.23)
      FSharp.Core (>= 3.1.2.5) - restriction: && (>= net461) (< netstandard1.6)
      FSharp.Core (>= 4.0.1.7-alpha) - restriction: && (>= net461) (>= netstandard1.6)
      NETStandard.Library (>= 1.6) - restriction: && (>= net461) (>= netstandard1.6)
    Hyperion (0.9.8)
    MathNet.Numerics (3.13.1)
    MathNet.Numerics.FSharp (3.13.1)
      FSharp.Core (>= 3.1.2.5)
      MathNet.Numerics (3.13.1)
    Microsoft.Extensions.DependencyInjection.Abstractions (2.0) - restriction: && (>= net461) (>= netstandard2.0)
    Microsoft.Extensions.Logging (2.0.1)
      Microsoft.Extensions.DependencyInjection.Abstractions (>= 2.0) - restriction: && (>= net461) (>= netstandard2.0)
      Microsoft.Extensions.Logging.Abstractions (>= 2.0.1) - restriction: && (>= net461) (>= netstandard2.0)
      Microsoft.Extensions.Options (>= 2.0.1) - restriction: && (>= net461) (>= netstandard2.0)
    Microsoft.Extensions.Logging.Abstractions (2.0.1)
    Microsoft.Extensions.Options (2.0.1) - restriction: && (>= net461) (>= netstandard2.0)
      Microsoft.Extensions.DependencyInjection.Abstractions (>= 2.0) - restriction: && (>= net461) (>= netstandard2.0)
      Microsoft.Extensions.Primitives (>= 2.0) - restriction: && (>= net461) (>= netstandard2.0)
    Microsoft.Extensions.Primitives (2.0) - restriction: && (>= net461) (>= netstandard2.0)
      System.Runtime.CompilerServices.Unsafe (>= 4.4) - restriction: && (>= net461) (>= netstandard2.0)
    Microsoft.NETCore.Platforms (2.0.1) - restriction: || (&& (>= monotouch) (>= net461)) (&& (< net45) (>= net461) (>= netstandard2.0)) (&& (>= net461) (>= netcoreapp2.0)) (&& (>= net461) (>= netstandard1.6)) (&& (>= net461) (>= xamarinios)) (&& (>= net461) (>= xamarinmac)) (&& (>= net461) (>= xamarintvos)) (&& (>= net461) (>= xamarinwatchos))
    NETStandard.Library (2.0.1) - restriction: && (>= net461) (>= netstandard1.6)
      Microsoft.NETCore.Platforms (>= 1.1)
    Newtonsoft.Json (9.0.1)
    R.NET.Community (1.6.5)
      DynamicInterop (0.7.4)
    R.NET.Community.FSharp (1.6.5)
      R.NET.Community (>= 1.6.5)
    Reactive.Streams (1.0.2)
    RProvider (1.1.20)
      DynamicInterop (0.7.4)
      R.NET.Community (1.6.5)
      R.NET.Community.FSharp (1.6.5)
    Suave (1.1.3)
      FSharp.Core (>= 3.1.2.5)
    System.Collections.Immutable (1.4)
      NETStandard.Library (>= 1.6.1) - restriction: && (>= net461) (< netstandard2.0)
    System.Runtime.CompilerServices.Unsafe (4.4) - restriction: && (>= net461) (>= netstandard2.0)
    XPlot.GoogleCharts (1.4.2)
      Google.DataTable.Net.Wrapper (3.1.2)
      Newtonsoft.Json (9.0.1)
    XPlot.GoogleCharts.Deedle (1.4.2)
      Deedle (1.2.5)
      XPlot.GoogleCharts (1.4.2)
    XPlot.Plotly (1.4.2)
      Newtonsoft.Json (9.0.1)

GROUP Build
NUGET
  remote: https://www.nuget.org/api/v2
    FAKE (4.64.11)
